GEM
  remote: http://rubygems.org/
  specs:
    aruba (0.4.6)
      bcat (>= 0.6.1)
      childprocess (>= 0.2.0)
      cucumber (>= 1.0.2)
      rdiscount (>= 1.6.8)
      rspec (>= 2.6.0)
    bcat (0.6.1)
      rack (~> 1.0)
    builder (3.0.0)
    childprocess (0.2.3)
      ffi (~> 1.0.6)
    cucumber (1.1.3)
      builder (>= 2.1.2)
      diff-lcs (>= 1.1.2)
      gherkin (~> 2.6.7)
      json (>= 1.4.6)
      term-ansicolor (>= 1.0.6)
    diff-lcs (1.1.3)
    ffi (1.0.11)
    gherkin (2.6.8)
      json (>= 1.4.6)
    growl (1.0.3)
    guard (0.8.8)
      thor (~> 0.14.6)
    guard-cucumber (0.7.3)
      cucumber (>= 0.10)
      guard (>= 0.8.3)
    json (1.6.2)
    rack (1.3.5)
    rb-fchange (0.0.5)
      ffi
    rb-fsevent (0.4.3.1)
    rb-inotify (0.8.8)
      ffi (>= 0.5.0)
    rdiscount (1.6.8)
    rspec (2.7.0)
      rspec-core (~> 2.7.0)
      rspec-expectations (~> 2.7.0)
      rspec-mocks (~> 2.7.0)
    rspec-core (2.7.1)
    rspec-expectations (2.7.0)
      diff-lcs (~> 1.1.2)
    rspec-mocks (2.7.0)
    term-ansicolor (1.0.7)
    thor (0.14.6)
    trollop (1.16.2)

PLATFORMS
  ruby

DEPENDENCIES
  aruba
  cucumber
  growl
  guard
  guard-cucumber
  rb-fchange
  rb-fsevent
  rb-inotify
  trollop
